GIT
  remote: git://github.com/elasticsearch/elasticsearch-ruby.git
  revision: d97dd6a8f8829bc043ec79f68008993abf86d60f
  specs:
    elasticsearch (6.0.0.pre)
      elasticsearch-api (= 6.0.0.pre)
      elasticsearch-transport (= 6.0.0.pre)
    elasticsearch-api (6.0.0.pre)
      multi_json
    elasticsearch-dsl (0.1.5)
    elasticsearch-transport (6.0.0.pre)
      faraday
      multi_json

GIT
  remote: https://github.com/maxivak/simple_search_filter.git
  revision: 376e2898d06f14545b654a950f84ba52911874cd
  branch: bootstrap4
  specs:
    simple_search_filter (0.0.31)
      rails (~> 5.0.0)

GEM
  remote: https://rubygems.org/
  remote: https://rails-assets.org/
  specs:
    CFPropertyList (2.3.5)
    aasm (4.11.0)
    actioncable (5.0.1)
      actionpack (= 5.0.1)
      nio4r (~> 1.2)
      websocket-driver (~> 0.6.1)
    actionmailer (5.0.1)
      actionpack (= 5.0.1)
      actionview (= 5.0.1)
      activejob (= 5.0.1)
      mail (~> 2.5, >= 2.5.4)
      rails-dom-testing (~> 2.0)
    actionpack (5.0.1)
      actionview (= 5.0.1)
      activesupport (= 5.0.1)
      rack (~> 2.0)
      rack-test (~> 0.6.3)
      rails-dom-testing (~> 2.0)
      rails-html-sanitizer (~> 1.0, >= 1.0.2)
    actionview (5.0.1)
      activesupport (= 5.0.1)
      builder (~> 3.1)
      erubis (~> 2.7.0)
      rails-dom-testing (~> 2.0)
      rails-html-sanitizer (~> 1.0, >= 1.0.2)
    activejob (5.0.1)
      activesupport (= 5.0.1)
      globalid (>= 0.3.6)
    activemodel (5.0.1)
      activesupport (= 5.0.1)
    activemodel-serializers-xml (1.0.1)
      activemodel (> 5.x)
      activerecord (> 5.x)
      activesupport (> 5.x)
      builder (~> 3.1)
    activerecord (5.0.1)
      activemodel (= 5.0.1)
      activesupport (= 5.0.1)
      arel (~> 7.0)
    activesupport (5.0.1)
      concurrent-ruby (~> 1.0, >= 1.0.2)
      i18n (~> 0.7)
      minitest (~> 5.1)
      tzinfo (~> 1.1)
    addressable (2.5.1)
      public_suffix (~> 2.0, >= 2.0.2)
    airbrussh (1.2.0)
      sshkit (>= 1.6.1, != 1.7.0)
    amq-protocol (2.2.0)
    ancestry (2.1.0)
      activerecord (>= 3.0.0)
    arel (7.1.4)
    autoprefixer-rails (6.4.0)
      execjs
    aws-sdk (2.6.43)
      aws-sdk-resources (= 2.6.43)
    aws-sdk-core (2.6.43)
      aws-sigv4 (~> 1.0)
      jmespath (~> 1.0)
    aws-sdk-resources (2.6.43)
      aws-sdk-core (= 2.6.43)
    aws-sigv4 (1.0.0)
    babosa (1.0.2)
    bcrypt (3.1.11)
    better_errors (2.1.1)
      coderay (>= 1.0.0)
      erubis (>= 2.6.6)
      rack (>= 0.9.0)
    blockenspiel (0.5.0)
    bootstrap-sass (3.3.7)
      autoprefixer-rails (>= 5.2.1)
      sass (>= 3.3.4)
    bootstrap3_autocomplete_input (0.2.0)
    bootstrap_autocomplete_input (0.2.1)
    builder (3.2.3)
    bunny (2.2.2)
      amq-protocol (>= 2.0.1)
    cancan (1.6.10)
    capistrano (3.7.1)
      airbrussh (>= 1.0.0)
      capistrano-harrow
      i18n
      rake (>= 10.0.0)
      sshkit (>= 1.9.0)
    capistrano-bundler (1.1.4)
      capistrano (~> 3.1)
      sshkit (~> 1.2)
    capistrano-harrow (0.5.3)
    capistrano-rails (1.1.7)
      capistrano (~> 3.1)
      capistrano-bundler (~> 1.1)
    capistrano-rvm (0.1.2)
      capistrano (~> 3.0)
      sshkit (~> 1.2)
    capybara (2.7.1)
      addressable
      mime-types (>= 1.16)
      nokogiri (>= 1.3.3)
      rack (>= 1.0.0)
      rack-test (>= 0.5.4)
      xpath (~> 2.0)
    carrierwave (0.11.2)
      activemodel (>= 3.2.0)
      activesupport (>= 3.2.0)
      json (>= 1.7)
      mime-types (>= 1.16)
      mimemagic (>= 0.3.0)
    childprocess (0.7.0)
      ffi (~> 1.0, >= 1.0.11)
    chronic (0.10.2)
    chunky_png (1.3.8)
    climate_control (0.2.0)
    cocaine (0.5.8)
      climate_control (>= 0.0.3, < 1.0)
    cocoon (1.2.9)
    coderay (1.1.1)
    compass (1.0.3)
      chunky_png (~> 1.2)
      compass-core (~> 1.0.2)
      compass-import-once (~> 1.0.5)
      rb-fsevent (>= 0.9.3)
      rb-inotify (>= 0.9)
      sass (>= 3.3.13, < 3.5)
    compass-core (1.0.3)
      multi_json (~> 1.0)
      sass (>= 3.3.0, < 3.5)
    compass-import-once (1.0.5)
      sass (>= 3.2, < 3.5)
    compass-rails (3.0.2)
      compass (~> 1.0.0)
      sass-rails (< 5.1)
      sprockets (< 4.0)
    concise_logging (1.1.0)
      activesupport (>= 4.2)
      railties (>= 4.2)
    concurrent-ruby (1.0.5)
    connection_pool (2.2.1)
    devise (4.2.0)
      bcrypt (~> 3.0)
      orm_adapter (~> 0.1)
      railties (>= 4.1.0, < 5.1)
      responders
      warden (~> 1.2.3)
    diff-lcs (1.3)
    diplomat (1.3.0)
      faraday (~> 0.9)
      json
    dotenv (2.2.1)
    dotenv-rails (2.2.1)
      dotenv (= 2.2.1)
      railties (>= 3.2, < 5.2)
    dragonfly (1.0.12)
      addressable (~> 2.3)
      multi_json (~> 1.0)
      rack (>= 1.3.0)
    effin_utf8 (1.0)
    el_finder (1.1.12)
      image_size (>= 1.0.0)
    elasticsearch-model (0.1.9)
      activesupport (> 3)
      elasticsearch (> 0.4)
      hashie
    elasticsearch-rails (0.1.9)
    erubis (2.7.0)
    excon (0.55.0)
    execjs (2.7.0)
    factory_girl (4.7.0)
      activesupport (>= 3.0.0)
    factory_girl_rails (4.7.0)
      factory_girl (~> 4.7.0)
      railties (>= 3.0.0)
    faker (1.6.3)
      i18n (~> 0.5)
    faraday (0.9.2)
      multipart-post (>= 1.2, < 3)
    faraday_middleware (0.9.2)
      faraday (>= 0.7.4, < 0.10)
    ffi (1.9.18)
    fission (0.5.0)
      CFPropertyList (~> 2.2)
    fog (1.38.0)
      fog-aliyun (>= 0.1.0)
      fog-atmos
      fog-aws (>= 0.6.0)
      fog-brightbox (~> 0.4)
      fog-cloudatcost (~> 0.1.0)
      fog-core (~> 1.32)
      fog-dynect (~> 0.0.2)
      fog-ecloud (~> 0.1)
      fog-google (<= 0.1.0)
      fog-json
      fog-local
      fog-openstack
      fog-powerdns (>= 0.1.1)
      fog-profitbricks
      fog-rackspace
      fog-radosgw (>= 0.0.2)
      fog-riakcs
      fog-sakuracloud (>= 0.0.4)
      fog-serverlove
      fog-softlayer
      fog-storm_on_demand
      fog-terremark
      fog-vmfusion
      fog-voxel
      fog-vsphere (>= 0.4.0)
      fog-xenserver
      fog-xml (~> 0.1.1)
      ipaddress (~> 0.5)
    fog-aliyun (0.1.0)
      fog-core (~> 1.27)
      fog-json (~> 1.0)
      ipaddress (~> 0.8)
      xml-simple (~> 1.1)
    fog-atmos (0.1.0)
      fog-core
      fog-xml
    fog-aws (1.2.0)
      fog-core (~> 1.38)
      fog-json (~> 1.0)
      fog-xml (~> 0.1)
      ipaddress (~> 0.8)
    fog-brightbox (0.11.0)
      fog-core (~> 1.22)
      fog-json
      inflecto (~> 0.0.2)
    fog-cloudatcost (0.1.2)
      fog-core (~> 1.36)
      fog-json (~> 1.0)
      fog-xml (~> 0.1)
      ipaddress (~> 0.8)
    fog-core (1.44.2)
      builder
      excon (~> 0.49)
      formatador (~> 0.2)
    fog-dynect (0.0.3)
      fog-core
      fog-json
      fog-xml
    fog-ecloud (0.3.0)
      fog-core
      fog-xml
    fog-google (0.1.0)
      fog-core
      fog-json
      fog-xml
    fog-json (1.0.2)
      fog-core (~> 1.0)
      multi_json (~> 1.10)
    fog-local (0.3.1)
      fog-core (~> 1.27)
    fog-openstack (0.1.20)
      fog-core (>= 1.40)
      fog-json (>= 1.0)
      ipaddress (>= 0.8)
    fog-powerdns (0.1.1)
      fog-core (~> 1.27)
      fog-json (~> 1.0)
      fog-xml (~> 0.1)
    fog-profitbricks (3.0.0)
      fog-core (~> 1.42)
      fog-json (~> 1.0)
    fog-rackspace (0.1.5)
      fog-core (>= 1.35)
      fog-json (>= 1.0)
      fog-xml (>= 0.1)
      ipaddress (>= 0.8)
    fog-radosgw (0.0.5)
      fog-core (>= 1.21.0)
      fog-json
      fog-xml (>= 0.0.1)
    fog-riakcs (0.1.0)
      fog-core
      fog-json
      fog-xml
    fog-sakuracloud (1.7.5)
      fog-core
      fog-json
    fog-serverlove (0.1.2)
      fog-core
      fog-json
    fog-softlayer (1.1.4)
      fog-core
      fog-json
    fog-storm_on_demand (0.1.1)
      fog-core
      fog-json
    fog-terremark (0.1.0)
      fog-core
      fog-xml
    fog-vmfusion (0.1.0)
      fission
      fog-core
    fog-voxel (0.1.0)
      fog-core
      fog-xml
    fog-vsphere (1.9.2)
      fog-core
      rbvmomi (~> 1.9)
    fog-xenserver (0.3.0)
      fog-core
      fog-xml
    fog-xml (0.1.3)
      fog-core
      nokogiri (>= 1.5.11, < 2.0.0)
    font-awesome-rails (4.7.0.2)
      railties (>= 3.2, < 5.2)
    formatador (0.2.5)
    gli (2.16.0)
    globalid (0.4.0)
      activesupport (>= 4.2.0)
    globalize (5.1.0.beta1)
      activemodel (>= 4.2, < 5.1)
      activerecord (>= 4.2, < 5.1)
      request_store (~> 1.0)
    globalize-accessors (0.2.1)
      globalize (~> 5.0, >= 5.0.0)
    gravtastic (3.2.6)
    haml (4.0.7)
      tilt
    haml-rails (0.9.0)
      actionpack (>= 4.0.1)
      activesupport (>= 4.0.1)
      haml (>= 4.0.6, < 5.0)
      html2haml (>= 1.0.1)
      railties (>= 4.0.1)
    hashie (3.5.5)
    html2haml (2.2.0)
      erubis (~> 2.7.0)
      haml (>= 4.0, < 6)
      nokogiri (>= 1.6.0)
      ruby_parser (~> 3.5)
    httparty (0.13.7)
      json (~> 1.8)
      multi_xml (>= 0.5.2)
    humanize (1.3.0)
    i18n (0.8.1)
    image_size (1.5.0)
    inflecto (0.0.2)
    iniparse (1.4.2)
    inline_svg (0.11.1)
      activesupport (>= 4.0)
      loofah (>= 2.0)
      nokogiri (~> 1.6)
    ipaddress (0.8.3)
    jbuilder (2.5.0)
      activesupport (>= 3.0.0, < 5.1)
      multi_json (~> 1.2)
    jmespath (1.3.1)
    jquery-fileupload-rails (0.4.7)
      actionpack (>= 3.1)
      railties (>= 3.1)
      sass (>= 3.2)
    jquery-rails (4.2.2)
      rails-dom-testing (>= 1, < 3)
      railties (>= 4.2.0)
      thor (>= 0.14, < 2.0)
    jquery-ui-rails (6.0.1)
      railties (>= 3.2.16)
    json (1.8.6)
    jwt (1.5.4)
    kaminari (1.0.1)
      activesupport (>= 4.1.0)
      kaminari-actionview (= 1.0.1)
      kaminari-activerecord (= 1.0.1)
      kaminari-core (= 1.0.1)
    kaminari-actionview (1.0.1)
      actionview
      kaminari-core (= 1.0.1)
    kaminari-activerecord (1.0.1)
      activerecord
      kaminari-core (= 1.0.1)
    kaminari-bootstrap (3.0.1)
      kaminari (>= 0.13.0)
      rails
    kaminari-core (1.0.1)
    libv8 (3.16.14.19)
    loofah (2.0.3)
      nokogiri (>= 1.5.9)
    mail (2.6.5)
      mime-types (>= 1.16, < 4)
    method_source (0.8.2)
    mime-types (3.1)
      mime-types-data (~> 3.2015)
    mime-types-data (3.2016.0521)
    mimemagic (0.3.0)
    mini_portile2 (2.1.0)
    minitest (5.10.2)
    multi_json (1.12.1)
    multi_xml (0.6.0)
    multipart-post (2.0.0)
    mustermann (1.0.0)
    mysql2 (0.3.20)
    net-scp (1.2.1)
      net-ssh (>= 2.6.5)
    net-ssh (4.1.0)
    nio4r (1.2.1)
    nokogiri (1.7.2)
      mini_portile2 (~> 2.1.0)
    optimacms (0.3.8)
      ancestry
      bootstrap_autocomplete_input
      devise (>= 4.0)
      font-awesome-rails
      globalize
      globalize-accessors
      haml-rails (~> 0.9.0)
      jquery-rails
      jquery-ui-rails
      paperclip
      rails (~> 5.0)
      sass-rails (>= 5.0.4)
      simple_form
      simple_search_filter
    optimacms_backups (0.0.7)
      optimacms
      rails (>= 4.2)
    optimacms_options (0.0.7)
      optimacms
      rails (>= 4.2)
      simple_options
    orm_adapter (0.5.0)
    paperclip (4.3.6)
      activemodel (>= 3.2.0)
      activesupport (>= 3.2.0)
      cocaine (~> 0.5.5)
      mime-types
      mimemagic (= 0.3.0)
    phone (1.2.3)
    phonelib (0.6.8)
    public_suffix (2.0.5)
    puma (3.7.1)
    rabbitmq_http_api_client (1.8.0)
      effin_utf8 (~> 1.0.0)
      faraday (~> 0.9.0)
      faraday_middleware (~> 0.9.0)
      hashie (~> 3.2)
      multi_json (~> 1.9)
    rack (2.0.3)
    rack-cache (1.7.0)
      rack (>= 0.4)
    rack-mini-profiler (0.10.4)
      rack (>= 1.2.0)
    rack-protection (2.0.0)
      rack
    rack-test (0.6.3)
      rack (>= 1.0)
    rails (5.0.1)
      actioncable (= 5.0.1)
      actionmailer (= 5.0.1)
      actionpack (= 5.0.1)
      actionview (= 5.0.1)
      activejob (= 5.0.1)
      activemodel (= 5.0.1)
      activerecord (= 5.0.1)
      activesupport (= 5.0.1)
      bundler (>= 1.3.0, < 2.0)
      railties (= 5.0.1)
      sprockets-rails (>= 2.0.0)
    rails-assets-tether (1.4.0)
    rails-dom-testing (2.0.3)
      activesupport (>= 4.2.0)
      nokogiri (>= 1.6)
    rails-html-sanitizer (1.0.3)
      loofah (~> 2.0)
    rails_autolink (1.1.6)
      rails (> 3.1)
    railties (5.0.1)
      actionpack (= 5.0.1)
      activesupport (= 5.0.1)
      method_source
      rake (>= 0.8.7)
      thor (>= 0.18.1, < 2.0)
    rake (12.0.0)
    rb-fsevent (0.9.8)
    rb-inotify (0.9.8)
      ffi (>= 0.5.0)
    rbvmomi (1.11.2)
      builder (~> 3.0)
      json (>= 1.8)
      nokogiri (~> 1.5)
      trollop (~> 2.1)
    recaptcha (3.4.0)
      json
    redis (3.3.3)
    redis-actionpack (5.0.1)
      actionpack (>= 4.0, < 6)
      redis-rack (>= 1, < 3)
      redis-store (>= 1.1.0, < 1.4.0)
    redis-activesupport (5.0.1)
      activesupport (>= 3, < 6)
      redis-store (~> 1.2.0)
    redis-namespace (1.5.3)
      redis (~> 3.0, >= 3.0.4)
    redis-rack (2.0.2)
      rack (>= 1.5, < 3)
      redis-store (>= 1.2, < 1.4)
    redis-rails (5.0.1)
      redis-actionpack (~> 5.0.0)
      redis-activesupport (~> 5.0.0)
      redis-store (~> 1.2.0)
    redis-store (1.2.0)
      redis (>= 2.2)
    redlock (0.2.0)
      redis (~> 3, >= 3.0.0)
    ref (2.0.0)
    request_store (1.3.2)
    responders (2.4.0)
      actionpack (>= 4.2.0, < 5.3)
      railties (>= 4.2.0, < 5.3)
    rspec (3.5.0)
      rspec-core (~> 3.5.0)
      rspec-expectations (~> 3.5.0)
      rspec-mocks (~> 3.5.0)
    rspec-activemodel-mocks (1.0.2)
      activemodel (>= 3.0)
      activesupport (>= 3.0)
      rspec-mocks (>= 2.99, < 4.0)
    rspec-core (3.5.4)
      rspec-support (~> 3.5.0)
    rspec-expectations (3.5.0)
      diff-lcs (>= 1.2.0, < 2.0)
      rspec-support (~> 3.5.0)
    rspec-mocks (3.5.0)
      diff-lcs (>= 1.2.0, < 2.0)
      rspec-support (~> 3.5.0)
    rspec-rails (3.5.1)
      actionpack (>= 3.0)
      activesupport (>= 3.0)
      railties (>= 3.0)
      rspec-core (~> 3.5.0)
      rspec-expectations (~> 3.5.0)
      rspec-mocks (~> 3.5.0)
      rspec-support (~> 3.5.0)
    rspec-support (3.5.0)
    ruby-kafka (0.3.17)
    ruby_parser (3.9.0)
      sexp_processor (~> 4.1)
    rubyzip (1.2.1)
    rutrack (0.0.12)
      httparty
      multipart-post
    sass (3.4.24)
    sass-rails (5.0.6)
      railties (>= 4.0.0, < 6)
      sass (~> 3.1)
      sprockets (>= 2.8, < 4.0)
      sprockets-rails (>= 2.0, < 4.0)
      tilt (>= 1.1, < 3)
    selenium-webdriver (2.53.4)
      childprocess (~> 0.5)
      rubyzip (~> 1.0)
      websocket (~> 1.0)
    sexp_processor (4.9.0)
    sidekiq (4.2.10)
      concurrent-ruby (~> 1.0)
      connection_pool (~> 2.2, >= 2.2.0)
      rack-protection (>= 1.5.0)
      redis (~> 3.2, >= 3.2.1)
    simple_events_redis (1.0.1)
    simple_form (3.3.1)
      actionpack (> 4, < 5.1)
      activemodel (> 4, < 5.1)
    simple_options (0.0.4)
      rails (>= 4.2)
    sinatra (2.0.0)
      mustermann (~> 1.0)
      rack (~> 2.0)
      rack-protection (= 2.0.0)
      tilt (~> 2.0)
    slack-ruby-client (0.8.1)
      activesupport
      faraday (>= 0.9)
      faraday_middleware
      gli
      hashie
      json
      websocket-driver
    slackistrano (3.1.1)
      capistrano (>= 3.5.0)
    slop (4.4.3)
    sprockets (3.7.1)
      concurrent-ruby (~> 1.0)
      rack (> 1, < 3)
    sprockets-rails (3.2.0)
      actionpack (>= 4.0)
      activesupport (>= 4.0)
      sprockets (>= 3.0.0)
    sshkit (1.11.1)
      net-scp (>= 1.1.2)
      net-ssh (>= 2.8.0)
    sshkit-sudo (0.1.0)
      sshkit (~> 1.8)
    svg-flags-rails (1.0.0.pre.beta3)
      railties (>= 4.0)
    test_email_redis (0.0.3)
      mail
      rails (>= 4.2)
    therubyracer (0.12.2)
      libv8 (~> 3.16.14.0)
      ref
    thor (0.19.4)
    thread_safe (0.3.6)
    tilt (2.0.7)
    timecop (0.8.1)
    tinymce-rails (4.1.6)
      railties (>= 3.1.1)
    trollop (2.1.2)
    tzinfo (1.2.3)
      thread_safe (~> 0.1)
    uglifier (3.0.4)
      execjs (>= 0.3.0, < 3)
    versionomy (0.5.0)
      blockenspiel (~> 0.5)
    wannabe_bool (0.5.0)
    warden (1.2.7)
      rack (>= 1.0)
    websocket (1.2.4)
    websocket-driver (0.6.5)
      websocket-extensions (>= 0.1.0)
    websocket-extensions (0.1.2)
    whenever (0.9.7)
      chronic (>= 0.6.3)
    xml-simple (1.1.5)
    xpath (2.0.0)
      nokogiri (~> 1.3)

PLATFORMS
  ruby

DEPENDENCIES
  aasm (= 4.11.0)
  activemodel-serializers-xml
  ancestry (= 2.1.0)
  autoprefixer-rails (= 6.4.0)
  aws-sdk (= 2.6.43)
  babosa (= 1.0.2)
  better_errors (= 2.1.1)
  bootstrap-sass (= 3.3.7)
  bootstrap3_autocomplete_input (= 0.2.0)
  bunny (= 2.2.2)
  cancan (= 1.6.10)
  capistrano (= 3.7.1)
  capistrano-bundler (= 1.1.4)
  capistrano-rails (= 1.1.7)
  capistrano-rvm (= 0.1.2)
  capybara (= 2.7.1)
  carrierwave (= 0.11.2)
  cocoon (= 1.2.9)
  compass-rails
  concise_logging
  devise (= 4.2.0)
  diplomat (= 1.3.0)
  dotenv-rails
  dragonfly (= 1.0.12)
  el_finder (= 1.1.12)
  elasticsearch!
  elasticsearch-dsl!
  elasticsearch-model (= 0.1.9)
  elasticsearch-rails (= 0.1.9)
  factory_girl_rails (= 4.7.0)
  faker (= 1.6.3)
  faraday (= 0.9.2)
  fog (= 1.38.0)
  fog-aws (= 1.2.0)
  font-awesome-rails (~> 4.7)
  globalize (= 5.1.0.beta1)
  globalize-accessors
  gravtastic (= 3.2.6)
  haml-rails (= 0.9.0)
  httparty (= 0.13.7)
  humanize (= 1.3.0)
  iniparse (= 1.4.2)
  inline_svg (= 0.11.1)
  jbuilder (= 2.5.0)
  jquery-fileupload-rails (= 0.4.7)
  jquery-rails (= 4.2.2)
  jwt (= 1.5.4)
  kaminari
  kaminari-bootstrap
  mysql2 (= 0.3.20)
  net-ssh (= 4.1.0)
  optimacms (= 0.3.8)
  optimacms_backups (= 0.0.7)
  optimacms_options (= 0.0.7)
  paperclip (= 4.3.6)
  phone (= 1.2.3)
  phonelib (= 0.6.8)
  puma (= 3.7.1)
  rabbitmq_http_api_client
  rack-cache
  rack-mini-profiler
  rails (= 5.0.1)
  rails-assets-tether (>= 1.3.3)!
  rails_autolink
  recaptcha (= 3.4.0)
  redis
  redis-namespace
  redis-rails (= 5.0.1)
  redlock
  rspec (= 3.5.0)
  rspec-activemodel-mocks (= 1.0.2)
  rspec-rails (= 3.5.1)
  ruby-kafka (= 0.3.17)
  rutrack
  sass-rails (= 5.0.6)
  selenium-webdriver (= 2.53.4)
  sidekiq (= 4.2.10)
  simple_events_redis (= 1.0.1)
  simple_form (~> 3.3.1)
  simple_options (= 0.0.4)
  simple_search_filter (~> 0.0.31)!
  sinatra
  slack-ruby-client
  slackistrano
  slop
  sprockets
  sprockets-rails
  sshkit (= 1.11.1)
  sshkit-sudo (= 0.1.0)
  svg-flags-rails (>= 1.0.0.pre.beta)
  test_email_redis (= 0.0.3)
  therubyracer (= 0.12.2)
  timecop (= 0.8.1)
  tinymce-rails (= 4.1.6)
  tzinfo-data (= 1.2016.6)
  uglifier (= 3.0.4)
  versionomy (= 0.5.0)
  wannabe_bool (~> 0.5.0)
  whenever

RUBY VERSION
   ruby 2.3.3p222

BUNDLED WITH
   1.14.4
